GEM
  remote: https://rubygems.org/
  specs:
    terminal-table (3.0.2)
      unicode-display_width (>= 1.1.1, < 3)
    unicode-display_width (2.6.0)

PLATFORMS
  ruby

DEPENDENCIES
  terminal-table

RUBY VERSION
   ruby 2.7.8p225

BUNDLED WITH
   2.1.4
